GEM
  remote: https://rubygems.org/
  specs:
    actioncable (5.1.7)
      actionpack (= 5.1.7)
      nio4r (~> 2.0)
      websocket-driver (~> 0.6.1)
    actionmailer (5.1.7)
      actionpack (= 5.1.7)
      actionview (= 5.1.7)
      activejob (= 5.1.7)
      mail (~> 2.5, >= 2.5.4)
      rails-dom-testing (~> 2.0)
    actionpack (5.1.7)
      actionview (= 5.1.7)
      activesupport (= 5.1.7)
      rack (~> 2.0)
      rack-test (>= 0.6.3)
      rails-dom-testing (~> 2.0)
      rails-html-sanitizer (~> 1.0, >= 1.0.2)
    actionview (5.1.7)
      activesupport (= 5.1.7)
      builder (~> 3.1)
      erubi (~> 1.4)
      rails-dom-testing (~> 2.0)
      rails-html-sanitizer (~> 1.0, >= 1.0.3)
    activejob (5.1.7)
      activesupport (= 5.1.7)
      globalid (>= 0.3.6)
    activemodel (5.1.7)
      activesupport (= 5.1.7)
    activerecord (5.1.7)
      activemodel (= 5.1.7)
      activesupport (= 5.1.7)
      arel (~> 8.0)
    activesupport (5.1.7)
      concurrent-ruby (~> 1.0, >= 1.0.2)
      i18n (>= 0.7, < 2)
      minitest (~> 5.1)
      tzinfo (~> 1.1)
    acts-as-taggable-on (6.5.0)
      activerecord (>= 5.0, < 6.1)
    addressable (2.8.0)
      public_suffix (>= 2.0.2, < 5.0)
    annotate (2.7.5)
      activerecord (>= 3.2, < 7.0)
      rake (>= 10.4, < 13.0)
    ansi (1.5.0)
    arel (8.0.0)
    autoprefixer-rails (10.3.3.0)
      execjs (~> 2)
    aws-eventstream (1.2.0)
    aws-partitions (1.536.0)
    aws-sdk-core (3.123.0)
      aws-eventstream (~> 1, >= 1.0.2)
      aws-partitions (~> 1, >= 1.525.0)
      aws-sigv4 (~> 1.1)
      jmespath (~> 1.0)
    aws-sdk-kms (1.51.0)
      aws-sdk-core (~> 3, >= 3.122.0)
      aws-sigv4 (~> 1.1)
    aws-sdk-s3 (1.108.0)
      aws-sdk-core (~> 3, >= 3.122.0)
      aws-sdk-kms (~> 1)
      aws-sigv4 (~> 1.4)
    aws-sigv4 (1.4.0)
      aws-eventstream (~> 1, >= 1.0.2)
    bcrypt (3.1.16)
    better_errors (2.9.1)
      coderay (>= 1.0.0)
      erubi (>= 1.0.0)
      rack (>= 0.9.0)
    bindex (0.8.1)
    binding_of_caller (1.0.0)
      debug_inspector (>= 0.0.1)
    bootstrap (4.3.1)
      autoprefixer-rails (>= 9.1.0)
      popper_js (>= 1.14.3, < 2)
      sassc-rails (>= 2.0.0)
    builder (3.2.4)
    byebug (11.1.3)
    cancancan (2.3.0)
    capybara (2.18.0)
      addressable
      mini_mime (>= 0.1.3)
      nokogiri (>= 1.3.3)
      rack (>= 1.0.0)
      rack-test (>= 0.5.4)
      xpath (>= 2.0, < 4.0)
    childprocess (4.1.0)
    coderay (1.1.3)
    coffee-rails (4.2.2)
      coffee-script (>= 2.2.0)
      railties (>= 4.0.0)
    coffee-script (2.4.1)
      coffee-script-source
      execjs
    coffee-script-source (1.12.2)
    concurrent-ruby (1.1.9)
    content_disposition (1.0.0)
    crass (1.0.6)
    debug_inspector (1.1.0)
    devise (4.8.0)
      bcrypt (~> 3.0)
      orm_adapter (~> 0.1)
      railties (>= 4.1.0)
      responders
      warden (~> 1.2.3)
    dotenv (2.7.6)
    dotenv-rails (2.7.6)
      dotenv (= 2.7.6)
      railties (>= 3.2)
    down (5.2.4)
      addressable (~> 2.8)
    em-websocket (0.5.3)
      eventmachine (>= 0.12.9)
      http_parser.rb (~> 0)
    erubi (1.10.0)
    eventmachine (1.2.7)
    eventmachine (1.2.7-x64-mingw32)
    execjs (2.8.1)
    faker (1.9.6)
      i18n (>= 0.7)
    faraday (1.8.0)
      faraday-em_http (~> 1.0)
      faraday-em_synchrony (~> 1.0)
      faraday-excon (~> 1.1)
      faraday-httpclient (~> 1.0.1)
      faraday-net_http (~> 1.0)
      faraday-net_http_persistent (~> 1.1)
      faraday-patron (~> 1.0)
      faraday-rack (~> 1.0)
      multipart-post (>= 1.2, < 3)
      ruby2_keywords (>= 0.0.4)
    faraday-em_http (1.0.0)
    faraday-em_synchrony (1.0.0)
    faraday-excon (1.1.0)
    faraday-httpclient (1.0.1)
    faraday-net_http (1.0.1)
    faraday-net_http_persistent (1.2.0)
    faraday-patron (1.0.0)
    faraday-rack (1.0.0)
    fastimage (2.2.5)
    ffi (1.15.4)
    ffi (1.15.4-x64-mingw32)
    figaro (1.2.0)
      thor (>= 0.14.0, < 2)
    font-awesome-rails (4.7.0.7)
      railties (>= 3.2, < 7)
    formatador (0.3.0)
    friendly_id (5.1.0)
      activerecord (>= 4.0.0)
    globalid (1.0.0)
      activesupport (>= 5.0)
    guard (2.18.0)
      formatador (>= 0.2.4)
      listen (>= 2.7, < 4.0)
      lumberjack (>= 1.0.12, < 2.0)
      nenv (~> 0.1)
      notiffany (~> 0.0)
      pry (>= 0.13.0)
      shellany (~> 0.0)
      thor (>= 0.18.1)
    guard-compat (1.2.1)
    guard-livereload (2.5.2)
      em-websocket (~> 0.5)
      guard (~> 2.8)
      guard-compat (~> 1.0)
      multi_json (~> 1.8)
    guard-minitest (2.4.6)
      guard-compat (~> 1.2)
      minitest (>= 3.0)
    haml (5.2.2)
      temple (>= 0.8.0)
      tilt
    hashie (5.0.0)
    heroku-deflater (0.6.3)
      rack (>= 1.4.5)
    http_parser.rb (0.8.0)
    i18n (1.8.11)
      concurrent-ruby (~> 1.0)
    image_processing (1.12.1)
      mini_magick (>= 4.9.5, < 5)
      ruby-vips (>= 2.0.17, < 3)
    impressionist (1.6.1)
      nokogiri (~> 1)
    jbuilder (2.11.3)
      activesupport (>= 5.0.0)
    jmespath (1.4.0)
    jquery-rails (4.4.0)
      rails-dom-testing (>= 1, < 3)
      railties (>= 4.2.0)
      thor (>= 0.14, < 2.0)
    jquery-ui-rails (6.0.1)
      railties (>= 3.2.16)
    jwt (2.3.0)
    kaminari (1.2.1)
      activesupport (>= 4.1.0)
      kaminari-actionview (= 1.2.1)
      kaminari-activerecord (= 1.2.1)
      kaminari-core (= 1.2.1)
    kaminari-actionview (1.2.1)
      actionview
      kaminari-core (= 1.2.1)
    kaminari-activerecord (1.2.1)
      activerecord
      kaminari-core (= 1.2.1)
    kaminari-core (1.2.1)
    listen (3.1.5)
      rb-fsevent (~> 0.9, >= 0.9.4)
      rb-inotify (~> 0.9, >= 0.9.7)
      ruby_dep (~> 1.2)
    loofah (2.12.0)
      crass (~> 1.0.2)
      nokogiri (>= 1.5.9)
    lumberjack (1.2.8)
    mail (2.7.1)
      mini_mime (>= 0.1.1)
    method_source (1.0.0)
    mini_magick (4.11.0)
    mini_mime (1.1.2)
    minitest (5.11.3)
    minitest-reporters (1.1.19)
      ansi
      builder
      minitest (>= 5.0)
      ruby-progressbar
    multi_json (1.15.0)
    multi_xml (0.6.0)
    multipart-post (2.1.1)
    nenv (0.3.0)
    nested_form (0.3.2)
    nio4r (2.5.8)
    nokogiri (1.12.5-x64-mingw32)
      racc (~> 1.4)
    nokogiri (1.12.5-x86_64-linux)
      racc (~> 1.4)
    notiffany (0.1.3)
      nenv (~> 0.1)
      shellany (~> 0.0)
    oauth2 (1.4.7)
      faraday (>= 0.8, < 2.0)
      jwt (>= 1.0, < 3.0)
      multi_json (~> 1.3)
      multi_xml (~> 0.5)
      rack (>= 1.2, < 3)
    omniauth (2.0.4)
      hashie (>= 3.4.6)
      rack (>= 1.6.2, < 3)
      rack-protection
    omniauth-facebook (9.0.0)
      omniauth-oauth2 (~> 1.2)
    omniauth-github (2.0.0)
      omniauth (~> 2.0)
      omniauth-oauth2 (~> 1.7.1)
    omniauth-oauth2 (1.7.2)
      oauth2 (~> 1.4)
      omniauth (>= 1.9, < 3)
    orm_adapter (0.5.0)
    pg (0.19.0)
    pg (0.19.0-x64-mingw32)
    popper_js (1.16.0)
    pry (0.14.1)
      coderay (~> 1.1)
      method_source (~> 1.0)
    public_suffix (4.0.6)
    puma (3.12.6)
    racc (1.6.0)
    rack (2.2.3)
    rack-pjax (1.1.0)
      nokogiri (~> 1.5)
      rack (>= 1.1)
    rack-protection (2.1.0)
      rack
    rack-test (1.1.0)
      rack (>= 1.0, < 3)
    rails (5.1.7)
      actioncable (= 5.1.7)
      actionmailer (= 5.1.7)
      actionpack (= 5.1.7)
      actionview (= 5.1.7)
      activejob (= 5.1.7)
      activemodel (= 5.1.7)
      activerecord (= 5.1.7)
      activesupport (= 5.1.7)
      bundler (>= 1.3.0)
      railties (= 5.1.7)
      sprockets-rails (>= 2.0.0)
    rails-controller-testing (1.0.5)
      actionpack (>= 5.0.1.rc1)
      actionview (>= 5.0.1.rc1)
      activesupport (>= 5.0.1.rc1)
    rails-dom-testing (2.0.3)
      activesupport (>= 4.2.0)
      nokogiri (>= 1.6)
    rails-html-sanitizer (1.4.2)
      loofah (~> 2.3)
    rails_admin (1.4.3)
      builder (~> 3.1)
      coffee-rails (~> 4.0)
      font-awesome-rails (>= 3.0, < 5)
      haml (>= 4.0, < 6)
      jquery-rails (>= 3.0, < 5)
      jquery-ui-rails (>= 5.0, < 7)
      kaminari (>= 0.14, < 2.0)
      nested_form (~> 0.3)
      rack-pjax (>= 0.7)
      rails (>= 4.0, < 6)
      remotipart (~> 1.3)
      sass-rails (>= 4.0, < 6)
    railties (5.1.7)
      actionpack (= 5.1.7)
      activesupport (= 5.1.7)
      method_source
      rake (>= 0.8.7)
      thor (>= 0.18.1, < 2.0)
    rake (12.3.3)
    rb-fsevent (0.11.0)
    rb-inotify (0.10.1)
      ffi (~> 1.0)
    remotipart (1.4.4)
    responders (3.0.1)
      actionpack (>= 5.0)
      railties (>= 5.0)
    rexml (3.2.5)
    ruby-progressbar (1.11.0)
    ruby-vips (2.1.4)
      ffi (~> 1.12)
    ruby2_keywords (0.0.5)
    ruby_dep (1.5.0)
    rubyzip (2.3.2)
    sass (3.7.4)
      sass-listen (~> 4.0.0)
    sass-listen (4.0.0)
      rb-fsevent (~> 0.9, >= 0.9.4)
      rb-inotify (~> 0.9, >= 0.9.7)
    sass-rails (5.0.7)
      railties (>= 4.0.0, < 6)
      sass (~> 3.1)
      sprockets (>= 2.8, < 4.0)
      sprockets-rails (>= 2.0, < 4.0)
      tilt (>= 1.1, < 3)
    sassc (2.4.0)
      ffi (~> 1.9)
    sassc (2.4.0-x64-mingw32)
      ffi (~> 1.9)
    sassc-rails (2.1.2)
      railties (>= 4.0.0)
      sassc (>= 2.0)
      sprockets (> 3.0)
      sprockets-rails
      tilt
    selenium-webdriver (4.1.0)
      childprocess (>= 0.5, < 5.0)
      rexml (~> 3.2, >= 3.2.5)
      rubyzip (>= 1.2.2)
    shellany (0.0.1)
    shrine (2.19.4)
      content_disposition (~> 1.0)
      down (>= 4.1, < 6)
    shrine-memory (0.3.1)
      shrine (~> 2.2)
    simple_form (3.5.1)
      actionpack (> 4, < 5.2)
      activemodel (> 4, < 5.2)
    social-share-button (1.2.4)
      coffee-rails
    spring (2.1.1)
    spring-watcher-listen (2.0.1)
      listen (>= 2.7, < 4.0)
      spring (>= 1.2, < 3.0)
    sprockets (3.7.2)
      concurrent-ruby (~> 1.0)
      rack (> 1, < 3)
    sprockets-rails (3.2.2)
      actionpack (>= 4.0)
      activesupport (>= 4.0)
      sprockets (>= 3.0.0)
    sqlite3 (1.3.13)
    sqlite3 (1.3.13-x64-mingw32)
    temple (0.8.2)
    thor (1.1.0)
    thread_safe (0.3.6)
    tilt (2.0.10)
    trix (0.11.1)
      rails (> 4.1, < 5.2)
    turbolinks (5.2.1)
      turbolinks-source (~> 5.2)
    turbolinks-source (5.2.0)
    tzinfo (1.2.9)
      thread_safe (~> 0.1)
    tzinfo-data (1.2021.5)
      tzinfo (>= 1.0.0)
    uglifier (4.2.0)
      execjs (>= 0.3.0, < 3)
    warden (1.2.9)
      rack (>= 2.0.9)
    web-console (3.7.0)
      actionview (>= 5.0)
      activemodel (>= 5.0)
      bindex (>= 0.4.0)
      railties (>= 5.0)
    websocket-driver (0.6.5)
      websocket-extensions (>= 0.1.0)
    websocket-extensions (0.1.5)
    will_paginate (3.3.1)
    will_paginate-bootstrap (1.0.2)
      will_paginate (>= 3.0.3)
    xpath (3.2.0)
      nokogiri (~> 1.8)

PLATFORMS
  x64-mingw32
  x86_64-linux

DEPENDENCIES
  acts-as-taggable-on (~> 6.0)
  annotate (~> 2.7, >= 2.7.4)
  aws-sdk-s3 (~> 1.16)
  better_errors
  binding_of_caller
  bootstrap (~> 4.3.1)
  byebug
  cancancan (~> 2.2)
  capybara (~> 2.13)
  coffee-rails (~> 4.2)
  devise (~> 4.4, >= 4.4.3)
  dotenv-rails (~> 2.5)
  faker (~> 1.8, >= 1.8.7)
  fastimage
  figaro
  friendly_id (~> 5.1.0)
  guard
  guard-livereload (~> 2.5)
  guard-minitest (~> 2.4.4)
  heroku-deflater (~> 0.6.3)
  image_processing (~> 1.4)
  impressionist (~> 1.6, >= 1.6.1)
  jbuilder (~> 2.5)
  jquery-rails
  listen (= 3.1.5)
  mini_magick (~> 4.8)
  minitest (~> 5.11.3)
  minitest-reporters (~> 1.1.14)
  omniauth-facebook
  omniauth-github
  pg (~> 0.18)
  popper_js (~> 1.11, >= 1.11.1)
  puma (~> 3.7)
  rails (~> 5.1.6)
  rails-controller-testing (~> 1.0.2)
  rails_admin (~> 1.3)
  remotipart (~> 1.4, >= 1.4.2)
  sass-rails (~> 5.0)
  selenium-webdriver
  shrine (~> 2.11)
  shrine-memory
  simple_form (~> 3.5)
  social-share-button (~> 1.1)
  spring
  spring-watcher-listen (~> 2.0.1)
  sqlite3 (= 1.3.13)
  trix (~> 0.11.1)
  turbolinks (~> 5)
  tzinfo-data
  uglifier (>= 1.3.0)
  web-console (>= 3.3.0)
  will_paginate (~> 3.1, >= 3.1.6)
  will_paginate-bootstrap (~> 1.0, >= 1.0.1)

RUBY VERSION
   ruby 2.7.5p203

BUNDLED WITH
   2.1.4
